GEM
  remote: https://rubygems.org/
  specs:
    backports (3.3.3)
    encrypted_cookie (0.0.4)
    eventmachine (1.0.3)
    excon (0.25.0)
    faraday (0.8.7)
      multipart-post (~> 1.1)
    hashie (2.0.5)
    heroku-api (0.3.13)
      excon (~> 0.25.0)
    heroku-bouncer (0.3.0)
      encrypted_cookie (~> 0.0.4)
      faraday (~> 0.8)
      multi_json (~> 1.0)
      omniauth-heroku (>= 0.1.0)
      sinatra (~> 1.0)
    httpauth (0.2.0)
    jwt (0.1.8)
      multi_json (>= 1.5)
    multi_json (1.7.7)
    multipart-post (1.2.0)
    oauth2 (0.8.1)
      faraday (~> 0.8)
      httpauth (~> 0.1)
      jwt (~> 0.1.4)
      multi_json (~> 1.0)
      rack (~> 1.2)
    omniauth (1.1.4)
      hashie (>= 1.2, < 3)
      rack
    omniauth-heroku (0.1.1)
      omniauth (~> 1.0)
      omniauth-oauth2 (~> 1.0)
    omniauth-oauth2 (1.1.1)
      oauth2 (~> 0.8.0)
      omniauth (~> 1.0)
    puma (2.3.1)
      rack (>= 1.1, < 2.0)
    rack (1.5.2)
    rack-protection (1.5.0)
      rack
    rack-test (0.6.2)
      rack (>= 1.0)
    sinatra (1.4.3)
      rack (~> 1.4)
      rack-protection (~> 1.4)
      tilt (~> 1.3, >= 1.3.4)
    sinatra-contrib (1.4.0)
      backports (>= 2.0)
      eventmachine
      rack-protection
      rack-test
      sinatra (~> 1.4.2)
      tilt (~> 1.3)
    tilt (1.4.1)

PLATFORMS
  ruby

DEPENDENCIES
  heroku-api
  heroku-bouncer
  puma
  sinatra
  sinatra-contrib
